GEM
  remote: http://rubygems.org/
  specs:
    marky_markov (0.3.5)
      msgpack
    msgpack (0.5.11-x86-mingw32)

PLATFORMS
  x86-mingw32

DEPENDENCIES
  marky_markov
